GEM
  remote: https://rubygems.org/
  specs:
    addressable (2.3.8)
    certifi (14.5.14)
    codeclimate-test-reporter (0.4.7)
      simplecov (>= 0.7.1, < 1.0.0)
    crack (0.4.2)
      safe_yaml (~> 1.0.0)
    daemons (1.2.3)
    docile (1.1.5)
    domain_name (0.5.24)
      unf (>= 0.0.5, < 1.0.0)
    eventmachine (1.0.7)
    faraday (0.9.1)
      multipart-post (>= 1.2, < 3)
    http-cookie (1.0.2)
      domain_name (~> 0.5)
    json (1.8.3)
    mime-types (2.6.1)
    mini_portile (0.6.2)
    minitest (5.7.0)
    multipart-post (2.0.0)
    netrc (0.10.3)
    nokogiri (1.6.6.2)
      mini_portile (~> 0.6.0)
    rack (1.6.4)
    rack-protection (1.5.3)
      rack
    rake (10.4.2)
    rest-client (1.8.0)
      http-cookie (>= 1.0.2, < 2.0)
      mime-types (>= 1.16, < 3.0)
      netrc (~> 0.7)
    safe_yaml (1.0.4)
    sentry-raven (0.14.0)
      certifi
      faraday (>= 0.7.6)
    simplecov (0.10.0)
      docile (~> 1.1.0)
      json (~> 1.8)
      simplecov-html (~> 0.10.0)
    simplecov-html (0.10.0)
    sinatra (1.4.6)
      rack (~> 1.4)
      rack-protection (~> 1.4)
      tilt (>= 1.3, < 3)
    sinatra-param (1.4.0)
      sinatra (~> 1.3)
    thin (1.6.3)
      daemons (~> 1.0, >= 1.0.9)
      eventmachine (~> 1.0)
      rack (~> 1.0)
    tilt (2.0.1)
    unf (0.1.4)
      unf_ext
    unf_ext (0.0.7.1)
    vcr (2.9.3)
    webmock (1.21.0)
      addressable (>= 2.3.6)
      crack (>= 0.3.2)

PLATFORMS
  ruby

DEPENDENCIES
  codeclimate-test-reporter
  json (~> 1.8)
  minitest (~> 5.7)
  nokogiri (~> 1.6)
  rake (~> 10.4)
  rest-client (~> 1.8)
  sentry-raven (~> 0.14)
  sinatra (~> 1.4)
  sinatra-param (~> 1.4)
  thin (~> 1.6)
  vcr (~> 2.9)
  webmock (~> 1.21)

BUNDLED WITH
   1.10.6
