GEM
  remote: https://rubygems.org/
  specs:
    addressable (2.3.5)
    colorize (0.5.8)
    coveralls (0.6.7)
      colorize
      multi_json (~> 1.3)
      rest-client
      simplecov (>= 0.7)
      thor
    crack (0.4.1)
      safe_yaml (~> 0.9.0)
    daemons (1.1.9)
    eventmachine (1.0.3)
    json (1.8.0)
    mime-types (1.23)
    mini_portile (0.5.1)
    minitest (5.0.6)
    multi_json (1.7.9)
    nokogiri (1.6.0)
      mini_portile (~> 0.5.0)
    rack (1.5.2)
    rack-protection (1.5.0)
      rack
    rake (0.9.6)
    rest-client (1.6.7)
      mime-types (>= 1.16)
    safe_yaml (0.9.5)
    simplecov (0.7.1)
      multi_json (~> 1.0)
      simplecov-html (~> 0.7.1)
    simplecov-html (0.7.1)
    sinatra (1.4.3)
      rack (~> 1.4)
      rack-protection (~> 1.4)
      tilt (~> 1.3, >= 1.3.4)
    thin (1.5.1)
      daemons (>= 1.0.9)
      eventmachine (>= 0.12.6)
      rack (>= 1.0.0)
    thor (0.18.1)
    tilt (1.4.1)
    vcr (2.5.0)
    webmock (1.13.0)
      addressable (>= 2.2.7)
      crack (>= 0.3.2)

PLATFORMS
  ruby

DEPENDENCIES
  coveralls
  json (= 1.8.0)
  minitest (~> 5.0.0)
  nokogiri (= 1.6.0)
  rake (~> 0.9.0)
  rest-client (= 1.6.7)
  sinatra (= 1.4.3)
  thin (= 1.5.1)
  vcr (~> 2.5.0)
  webmock (~> 1.13.0)
